PATH
  remote: ..
  specs:
    siresta (0.0.1)
      excon
      hashie
      ox
      sinatra

GEM
  remote: https://rubygems.org/
  specs:
    coderay (1.1.0)
    excon (0.36.0)
    hashie (3.0.0)
    method_source (0.8.2)
    ox (2.1.1)
    pry (0.10.0)
      coderay (~> 1.1.0)
      method_source (~> 0.8.1)
      slop (~> 3.4)
    rack (1.5.2)
    rack-protection (1.5.3)
      rack
    rake (10.3.2)
    sequel (4.11.0)
    sinatra (1.4.5)
      rack (~> 1.4)
      rack-protection (~> 1.4)
      tilt (~> 1.3, >= 1.3.4)
    slop (3.5.0)
    sqlite3 (1.3.9)
    tilt (1.4.1)

PLATFORMS
  ruby

DEPENDENCIES
  pry
  rake
  sequel
  siresta!
  sqlite3
