PATH
  remote: ..
  specs:
    siresta (0.0.1)
      excon
      hashie
      multi_json
      multi_xml
      sinatra

GEM
  remote: https://rubygems.org/
  specs:
    excon (0.36.0)
    hashie (3.0.0)
    multi_json (1.10.1)
    multi_xml (0.5.5)
    rack (1.5.2)
    rack-protection (1.5.3)
      rack
    sequel (4.11.0)
    sinatra (1.4.5)
      rack (~> 1.4)
      rack-protection (~> 1.4)
      tilt (~> 1.3, >= 1.3.4)
    sqlite3 (1.3.9)
    tilt (1.4.1)

PLATFORMS
  ruby

DEPENDENCIES
  sequel
  siresta!
  sqlite3
