GIT
  remote: git://github.com/obfusk/obfusk.rb.git
  revision: 5282643d9ce9048b4213cf97c49e1fd2d3005f43
  specs:
    obfusk (0.1.3)

PATH
  remote: ../..
  specs:
    siresta (0.0.2)
      excon
      obfusk (>= 0.1.3)
      ox
      sinatra

GEM
  remote: https://rubygems.org/
  specs:
    coderay (1.1.0)
    daemons (1.1.9)
    eventmachine (1.0.3)
    excon (0.37.0)
    method_source (0.8.2)
    ox (2.1.1)
    pry (0.10.0)
      coderay (~> 1.1.0)
      method_source (~> 0.8.1)
      slop (~> 3.4)
    rack (1.5.2)
    rack-protection (1.5.3)
      rack
    rake (10.3.2)
    sinatra (1.4.5)
      rack (~> 1.4)
      rack-protection (~> 1.4)
      tilt (~> 1.3, >= 1.3.4)
    slop (3.5.0)
    thin (1.6.2)
      daemons (>= 1.0.9)
      eventmachine (>= 1.0.0)
      rack (>= 1.0.0)
    tilt (1.4.1)

PLATFORMS
  ruby

DEPENDENCIES
  obfusk!
  pry
  rake
  siresta!
  thin
